STORAGE: NONE
RESTRICTION: == netstandard2.0
NUGET
  remote: https://api.nuget.org/v3/index.json
    FSharp.Core (7.0.400)
    System.Reflection.Emit.ILGeneration (4.7)
    System.Reflection.Emit.Lightweight (4.7)
      System.Reflection.Emit.ILGeneration (>= 4.7)
    WebSharper (7.0.3.348-beta2)
      FSharp.Core (>= 6.0)
      System.Reflection.Emit.Lightweight (>= 4.7)
    WebSharper.FSharp (7.0.3.348-beta2)
      WebSharper (7.0.3.348-beta2)
    WebSharper.React (7.0.1.347-beta2)
      WebSharper (>= 7.0.2 < 7.1)

GROUP wsbuild

GIT
  remote: https://github.com/dotnet-websharper/build-script
     (0153b1033e752df2da5672528e9e04bedafefbea)