STORAGE: NONE
RESTRICTION: == netstandard2.0
NUGET
  remote: https://api.nuget.org/v3/index.json
    FSharp.Core (9.0.201)
    System.Reflection.Emit.ILGeneration (4.7)
    System.Reflection.Emit.Lightweight (4.7)
      System.Reflection.Emit.ILGeneration (>= 4.7)
  remote: https://nuget.pkg.github.com/dotnet-websharper/index.json
    WebSharper (8.0.0.527-rc2)
      FSharp.Core (>= 6.0)
      System.Reflection.Emit.Lightweight (>= 4.7)
    WebSharper.FSharp (8.0.0.527-rc2)
      WebSharper (8.0.0.527-rc2)
    WebSharper.React (8.0.0.530-rc2)
      WebSharper (>= 8.0 < 8.1)

GROUP wsbuild

GIT
  remote: https://github.com/dotnet-websharper/build-script
     (a7b506f18c67bb036a16a9adee507c44aa9e5bbc)